GIT
  remote: https://github.com/nyxcharon/sensu-plugins-systemd.git
  revision: be972959c5f6cdc989b1122db72a4b10a1ecce77
  specs:
    sensu-plugins-systemd (0.0.1)
      sensu-plugin (= 1.2.0)
      systemd-bindings (= 0.0.1.1)

GEM
  remote: https://rubygems.org/
  specs:
    activesupport (4.2.5)
      i18n (~> 0.7)
      json (~> 1.7, >= 1.7.7)
      minitest (~> 5.1)
      thread_safe (~> 0.3, >= 0.3.4)
      tzinfo (~> 1.1)
    amq-protocol (1.9.2)
    amqp (1.5.0)
      amq-protocol (>= 1.9.2)
      eventmachine
    async_sinatra (1.2.0)
      rack (>= 1.4.1)
      sinatra (>= 1.3.2)
    aws (2.10.2)
      http_connection
      uuidtools
      xml-simple
    aws-es-transport (0.1.4)
      aws-sdk (~> 2.1, >= 2.1.14)
      elasticsearch (~> 1.0, >= 1.0.10)
      faraday (~> 0.9.1)
      faraday_middleware (~> 0.10.0)
    aws-sdk (2.6.3)
      aws-sdk-resources (= 2.6.3)
    aws-sdk-core (2.6.3)
      jmespath (~> 1.0)
    aws-sdk-resources (2.6.3)
      aws-sdk-core (= 2.6.3)
    bson (1.12.3)
    bson_ext (1.12.3)
      bson (~> 1.12.3)
    childprocess (0.5.8)
      ffi (~> 1.0, >= 1.0.11)
    daemons (1.2.4)
    dentaku (2.0.4)
    dnsbl-client (1.0.2)
    dnsruby (1.58.0)
    domain_name (0.5.20160826)
      unf (>= 0.0.5, < 1.0.0)
    elasticsearch (1.0.18)
      elasticsearch-api (= 1.0.18)
      elasticsearch-transport (= 1.0.18)
    elasticsearch-api (1.0.18)
      multi_json
    elasticsearch-transport (1.0.18)
      faraday
      multi_json
    em-redis-unified (1.0.1)
      eventmachine (>= 0.12.10)
    em-worker (0.0.2)
      eventmachine
    erubis (2.7.0)
    eventmachine (1.0.9.1)
    faraday (0.9.2)
      multipart-post (>= 1.2, < 3)
    faraday_middleware (0.10.0)
      faraday (>= 0.7.4, < 0.10)
    ffi (1.9.14)
    fileutils (0.7)
      rmagick (>= 2.13.1)
    http-cookie (1.0.2)
      domain_name (~> 0.5)
    http_connection (1.4.4)
    i18n (0.7.0)
    inifile (3.0.0)
    jmespath (1.3.1)
    json (1.8.3)
    libxml-ruby (2.9.0)
    libxml-xmlrpc (0.1.5)
      libxml-ruby (> 0.0.0)
    mail (2.6.3)
      mime-types (>= 1.16, < 3)
    mailgun-ruby (1.0.3)
      json (~> 1.8)
      rest-client (~> 1.6)
    mime-types (2.99.3)
    minitest (5.9.1)
    mixlib-cli (1.7.0)
    mongo (1.12.3)
      bson (= 1.12.3)
    multi_json (1.11.2)
    multipart-post (2.0.0)
    mysql (2.9.1)
    mysql2 (0.3.18)
    net-ping (1.7.8)
    netrc (0.11.0)
    pg (0.18.3)
    rack (1.6.4)
    rack-protection (1.5.3)
      rack
    redis (3.2.1)
    rest-client (1.8.0)
      http-cookie (>= 1.0.2, < 2.0)
      mime-types (>= 1.16, < 3.0)
      netrc (~> 0.7)
    rmagick (2.16.0)
    ruby-dbus (0.11.0)
    ruby-supervisor (0.0.2)
    sensu (0.22.1)
      async_sinatra (= 1.2.0)
      em-redis-unified (= 1.0.1)
      eventmachine (= 1.0.9.1)
      multi_json (= 1.11.2)
      sensu-extension (= 1.3.0)
      sensu-extensions (= 1.4.0)
      sensu-logger (= 1.1.0)
      sensu-settings (= 3.3.0)
      sensu-spawn (= 1.7.0)
      sensu-transport (= 4.0.0)
      sinatra (= 1.4.6)
      thin (= 1.6.3)
      uuidtools (= 2.1.5)
    sensu-extension (1.3.0)
      eventmachine
    sensu-extensions (1.4.0)
      multi_json
      sensu-extension
      sensu-logger
      sensu-settings
    sensu-logger (1.1.0)
      eventmachine
      multi_json
    sensu-plugin (1.2.0)
      json
      mixlib-cli (>= 1.1.0)
    sensu-plugins-disk-checks (1.1.3)
      sensu-plugin (= 1.2.0)
      sys-filesystem (= 1.1.5)
    sensu-plugins-dns (0.0.6)
      dnsruby (= 1.58.0)
      sensu-plugin (= 1.2.0)
    sensu-plugins-elasticsearch (1.0.0)
      aws-es-transport (~> 0.1)
      elasticsearch (~> 1.0.14)
      json (~> 1.8)
      rest-client (= 1.8.0)
      sensu-plugin (~> 1.2)
    sensu-plugins-entropy-checks (0.0.3)
      sensu-plugin (= 1.2.0)
    sensu-plugins-logs (0.0.3)
      fileutils (= 0.7)
      sensu-plugin (= 1.2.0)
    sensu-plugins-mailer (0.1.2)
      aws (= 2.10.2)
      erubis (= 2.7.0)
      mail (= 2.6.3)
      mailgun-ruby (= 1.0.3)
      sensu-plugin (= 1.2.0)
    sensu-plugins-mongodb (0.0.8)
      bson (= 1.12.3)
      bson_ext (= 1.12.3)
      mongo (= 1.12.3)
      sensu-plugin (~> 1.2)
    sensu-plugins-mysql (0.0.4)
      aws (= 2.10.2)
      inifile (= 3.0.0)
      mysql (= 2.9.1)
      mysql2 (= 0.3.18)
      sensu-plugin (= 1.2.0)
    sensu-plugins-network-checks (0.1.4)
      activesupport (= 4.2.5)
      dnsbl-client (= 1.0.2)
      net-ping (= 1.7.8)
      sensu-plugin (= 1.2.0)
      whois (= 3.6.3)
    sensu-plugins-postgres (0.0.7)
      dentaku (= 2.0.4)
      pg (= 0.18.3)
      sensu-plugin (= 1.2.0)
    sensu-plugins-redis (0.1.0)
      redis (= 3.2.1)
      sensu-plugin (~> 1.2)
    sensu-plugins-ssl (0.0.6)
      rest-client (= 1.8.0)
      sensu-plugin (= 1.2.0)
    sensu-plugins-supervisor (0.0.3)
      libxml-xmlrpc (= 0.1.5)
      ruby-supervisor (= 0.0.2)
      sensu-plugin (= 1.2.0)
    sensu-settings (3.3.0)
      multi_json
    sensu-spawn (1.7.0)
      childprocess (= 0.5.8)
      em-worker (= 0.0.2)
      eventmachine
    sensu-transport (4.0.0)
      amq-protocol (= 1.9.2)
      amqp (= 1.5.0)
      em-redis-unified (>= 1.0.0)
      eventmachine
    sinatra (1.4.6)
      rack (~> 1.4)
      rack-protection (~> 1.4)
      tilt (>= 1.3, < 3)
    sys-filesystem (1.1.5)
      ffi
    systemd-bindings (0.0.1.1)
      ruby-dbus (= 0.11.0)
    thin (1.6.3)
      daemons (~> 1.0, >= 1.0.9)
      eventmachine (~> 1.0)
      rack (~> 1.0)
    thread_safe (0.3.5)
    tilt (2.0.5)
    tzinfo (1.2.2)
      thread_safe (~> 0.1)
    unf (0.1.4)
      unf_ext
    unf_ext (0.0.7.2)
    uuidtools (2.1.5)
    whois (3.6.3)
      activesupport (>= 3)
    xml-simple (1.1.5)

PLATFORMS
  ruby

DEPENDENCIES
  sensu (= 0.22.1)
  sensu-plugins-disk-checks (= 1.1.3)
  sensu-plugins-dns (= 0.0.6)
  sensu-plugins-elasticsearch (= 1.0.0)
  sensu-plugins-entropy-checks (= 0.0.3)
  sensu-plugins-logs (= 0.0.3)
  sensu-plugins-mailer (= 0.1.2)
  sensu-plugins-mongodb (= 0.0.8)
  sensu-plugins-mysql (= 0.0.4)
  sensu-plugins-network-checks (= 0.1.4)
  sensu-plugins-postgres (= 0.0.7)
  sensu-plugins-redis (= 0.1.0)
  sensu-plugins-ssl (= 0.0.6)
  sensu-plugins-supervisor (= 0.0.3)
  sensu-plugins-systemd!

BUNDLED WITH
   1.10.5
